GIT
  remote: https://github.com/stevehodgkiss/guard-slim.git
  revision: b3fd678e5f33c1865bef383ba60a3aa39fde0f41
  specs:
    guard-slim (0.0.1)
      guard (>= 0.4.0)
      slim

GEM
  remote: http://rubygems.org/
  specs:
    guard (1.3.2)
      listen (>= 0.4.2)
      thor (>= 0.14.6)
    listen (0.5.0)
    rb-fsevent (0.9.1)
    slim (1.3.0)
      temple (~> 0.4.1)
      tilt (~> 1.3.3)
    temple (0.4.1)
    thor (0.16.0)
    tilt (1.3.3)

PLATFORMS
  ruby

DEPENDENCIES
  guard
  guard-slim!
  rb-fsevent (~> 0.9.1)
  slim
